PATH
  remote: .
  specs:
    etl (0.1.0)
      aws-sdk
      clamp
      influxdb
      mysql2
      pg
      sequel
      tzinfo
      tzinfo-data

GEM
  remote: https://rubygems.org/
  specs:
    activesupport (4.2.0)
      i18n (~> 0.7)
      json (~> 1.7, >= 1.7.7)
      minitest (~> 5.1)
      thread_safe (~> 0.3, >= 0.3.4)
      tzinfo (~> 1.1)
    amq-protocol (2.0.1)
    aws-sdk (2.8.5)
      aws-sdk-resources (= 2.8.5)
    aws-sdk-core (2.8.5)
      aws-sigv4 (~> 1.0)
      jmespath (~> 1.0)
    aws-sdk-resources (2.8.5)
      aws-sdk-core (= 2.8.5)
    aws-sigv4 (1.0.0)
    bunny (2.3.0)
      amq-protocol (>= 2.0.1)
    cause (0.1)
    clamp (1.1.2)
    diff-lcs (1.2.5)
    factory_girl (4.5.0)
      activesupport (>= 3.0.0)
    forgery (0.6.0)
    i18n (0.7.0)
    influxdb (0.3.14)
      cause
      json
    jmespath (1.3.1)
    json (1.8.2)
    minitest (5.5.1)
    mysql2 (0.4.3)
    pg (0.20.0)
    rspec-core (3.3.1)
      rspec-support (~> 3.3.0)
    rspec-expectations (3.3.0)
      diff-lcs (>= 1.2.0, < 2.0)
      rspec-support (~> 3.3.0)
    rspec-mocks (3.3.1)
      diff-lcs (>= 1.2.0, < 2.0)
      rspec-support (~> 3.3.0)
    rspec-support (3.3.0)
    sequel (4.32.0)
    thread_safe (0.3.4)
    time-warp (1.0.15)
    tzinfo (1.2.2)
      thread_safe (~> 0.1)
    tzinfo-data (1.2016.1)
      tzinfo (>= 1.0.0)

PLATFORMS
  ruby

DEPENDENCIES
  bunny
  etl!
  factory_girl
  forgery
  rspec-core
  rspec-expectations
  rspec-mocks
  time-warp

BUNDLED WITH
   1.14.6
